GIT
  remote: https://github.com/Kevinrob/tumblr_client.git
  revision: aca5c7c56f8ff7cce0adc526fdbce7fc829471b6
  ref: master
  specs:
    tumblr_client (0.8.6)
      faraday (~> 2.0)
      faraday-multipart
      faraday-oauth
      json
      mime-types
      oauth
      simple_oauth

GEM
  remote: https://rubygems.org/
  specs:
    bigdecimal (3.2.3)
    byebug (12.0.0)
    csv (3.3.5)
    date (3.4.1)
    dotenv (3.1.8)
    faraday (2.13.4)
      faraday-net_http (>= 2.0, < 3.5)
      json
      logger
    faraday-multipart (1.1.1)
      multipart-post (~> 2.0)
    faraday-net_http (3.4.1)
      net-http (>= 0.5.0)
    faraday-oauth (0.1.1)
      faraday (~> 2.0)
      simple_oauth (~> 0.3)
    hashie (5.0.0)
    httparty (0.23.1)
      csv
      mini_mime (>= 1.0.0)
      multi_xml (>= 0.5.2)
    json (2.14.1)
    logger (1.7.0)
    mime-types (3.7.0)
      logger
      mime-types-data (~> 3.2025, >= 3.2025.0507)
    mime-types-data (3.2025.0916)
    mini_mime (1.1.5)
    multi_xml (0.7.2)
      bigdecimal (~> 3.1)
    multipart-post (2.4.1)
    net-http (0.6.0)
      uri
    nokogiri (1.18.10-x64-mingw-ucrt)
      racc (~> 1.4)
    oauth (1.1.0)
      oauth-tty (~> 1.0, >= 1.0.1)
      snaky_hash (~> 2.0)
      version_gem (~> 1.1)
    oauth-tty (1.0.5)
      version_gem (~> 1.1, >= 1.1.1)
    parallel (1.27.0)
    racc (1.8.1)
    ruby-progressbar (1.13.0)
    simple_oauth (0.3.1)
    snaky_hash (2.0.3)
      hashie (>= 0.1.0, < 6)
      version_gem (>= 1.1.8, < 3)
    uri (1.0.3)
    version_gem (1.1.9)

PLATFORMS
  x64-mingw-ucrt

DEPENDENCIES
  byebug
  date
  dotenv
  httparty
  nokogiri
  parallel
  ruby-progressbar
  tumblr_client!

RUBY VERSION
   ruby 3.3.8p144

BUNDLED WITH
   2.6.8
